GEM
  remote: https://rubygems.org/
  specs:
    addressable (2.3.8)
    after_do (0.3.1)
    aws-sdk (2.10.113)
      aws-sdk-resources (= 2.10.113)
    aws-sdk-core (2.10.113)
      aws-sigv4 (~> 1.0)
      jmespath (~> 1.0)
    aws-sdk-resources (2.10.113)
      aws-sdk-core (= 2.10.113)
    aws-sigv4 (1.0.2)
    faraday (0.9.2)
      multipart-post (>= 1.2, < 3)
    ffi (1.9.18)
    ffi-compiler (1.0.1)
      ffi (>= 1.0.0)
      rake
    highline (1.7.3)
    jmespath (1.3.1)
    json (1.8.6)
    lsst-git-lfs-s3 (0.3.4)
      aws-sdk (~> 2)
      multi_json (~> 1)
      sinatra (~> 1)
    multi_json (1.13.0)
    multipart-post (2.0.0)
    octokit (4.1.0)
      sawyer (~> 0.6.0, >= 0.5.3)
    passenger (5.0.20)
      rack
      rake (>= 0.8.1)
    rack (1.6.8)
    rack-protection (1.5.3)
      rack
    rake (12.3.0)
    redis (3.2.1)
    sawyer (0.6.0)
      addressable (~> 2.3.5)
      faraday (~> 0.8, < 0.10)
    scrypt (2.0.2)
      ffi-compiler (>= 0.0.2)
      rake
    sinatra (1.4.8)
      rack (~> 1.5)
      rack-protection (~> 1.4)
      tilt (>= 1.3, < 3)
    tilt (2.0.8)

PLATFORMS
  ruby

DEPENDENCIES
  after_do (= 0.3.1)
  highline (= 1.7.3)
  json (~> 1.8.5)
  lsst-git-lfs-s3 (= 0.3.4)
  octokit (= 4.1.0)
  passenger (= 5.0.20)
  redis (= 3.2.1)
  scrypt (= 2.0.2)

BUNDLED WITH
   1.16.0
