GEM
  remote: https://rubygems.org/
  specs:
    addressable (2.3.8)
    after_do (0.3.1)
    ast (2.4.0)
    aws-sdk (2.11.11)
      aws-sdk-resources (= 2.11.11)
    aws-sdk-core (2.11.11)
      aws-sigv4 (~> 1.0)
      jmespath (~> 1.0)
    aws-sdk-resources (2.11.11)
      aws-sdk-core (= 2.11.11)
    aws-sigv4 (1.0.2)
    faraday (0.9.2)
      multipart-post (>= 1.2, < 3)
    ffi (1.9.23)
    ffi-compiler (1.0.1)
      ffi (>= 1.0.0)
      rake
    highline (1.7.3)
    jmespath (1.3.1)
    json (1.8.6)
    lsst-git-lfs-s3 (0.3.9)
      aws-sdk (~> 2)
      multi_json (~> 1)
      sinatra (~> 2)
    multi_json (1.13.1)
    multipart-post (2.0.0)
    mustermann (1.0.2)
    octokit (4.1.0)
      sawyer (~> 0.6.0, >= 0.5.3)
    parallel (1.12.1)
    parser (2.5.0.3)
      ast (~> 2.4.0)
    powerpack (0.1.1)
    rack (2.0.4)
    rack-protection (2.0.1)
      rack
    rainbow (3.0.0)
    rake (12.3.0)
    redis (3.2.1)
    rubocop (0.53.0)
      parallel (~> 1.10)
      parser (>= 2.5)
      powerpack (~> 0.1)
      rainbow (>= 2.2.2, < 4.0)
      ruby-progressbar (~> 1.7)
      unicode-display_width (~> 1.0, >= 1.0.1)
    ruby-progressbar (1.9.0)
    sawyer (0.6.0)
      addressable (~> 2.3.5)
      faraday (~> 0.8, < 0.10)
    scrypt (2.0.2)
      ffi-compiler (>= 0.0.2)
      rake
    sinatra (2.0.1)
      mustermann (~> 1.0)
      rack (~> 2.0)
      rack-protection (= 2.0.1)
      tilt (~> 2.0)
    tilt (2.0.8)
    unicode-display_width (1.3.0)

PLATFORMS
  ruby

DEPENDENCIES
  after_do (= 0.3.1)
  highline (= 1.7.3)
  json (~> 1.8.5)
  lsst-git-lfs-s3 (= 0.3.9)
  octokit (= 4.1.0)
  redis (= 3.2.1)
  rubocop (~> 0.53.0)
  scrypt (= 2.0.2)

BUNDLED WITH
   1.16.0
